GEM
  specs:

GEM
  remote: https://rubygems.org/
  specs:
    ast (2.4.2)
    diffy (3.4.0)
    mini_portile2 (2.6.1)
    nokogiri (1.12.5)
      mini_portile2 (~> 2.6.1)
      racc (~> 1.4)
    parallel (1.21.0)
    parser (3.0.2.0)
      ast (~> 2.4.1)
    racc (1.5.2)
    rainbow (3.0.0)
    regexp_parser (2.1.1)
    resolv (0.2.1)
    resolv-replace (0.1.0)
      resolv
    rexml (3.2.5)
    rubocop (1.22.3)
      parallel (~> 1.10)
      parser (>= 3.0.0.0)
      rainbow (>= 2.2.2, < 4.0)
      regexp_parser (>= 1.8, < 3.0)
      rexml
      rubocop-ast (>= 1.12.0, < 2.0)
      ruby-progressbar (~> 1.7)
      unicode-display_width (>= 1.4.0, < 3.0)
    rubocop-ast (1.12.0)
      parser (>= 3.0.1.1)
    ruby-progressbar (1.11.0)
    unicode-display_width (2.1.0)
    wayback_machine_downloader (2.3.1)
    words_counted (1.0.3)

PLATFORMS
  ruby

DEPENDENCIES
  diffy!
  nokogiri!
  parallel!
  resolv-replace!
  rubocop!
  ruby-progressbar!
  wayback_machine_downloader!
  words_counted!

BUNDLED WITH
   2.2.15
