GIT
  remote: https://github.com/hartator/wayback-machine-downloader
  revision: e6707a9d8bcd42cf921da4aaf5afe77a13fca7cb
  branch: master
  specs:
    wayback_machine_downloader (2.2.1)

GEM
  specs:

GEM
  remote: https://rubygems.org/
  specs:
    diffy (3.4.0)
    mini_portile2 (2.5.0)
    nokogiri (1.11.3)
      mini_portile2 (~> 2.5.0)
      racc (~> 1.4)
    parallel (1.20.1)
    racc (1.5.2)
    ruby-progressbar (1.11.0)
    words_counted (1.0.2)

PLATFORMS
  ruby

DEPENDENCIES
  diffy!
  nokogiri!
  parallel!
  ruby-progressbar!
  wayback_machine_downloader!
  words_counted!

BUNDLED WITH
   2.2.3
