GIT
  remote: https://github.com/hartator/wayback-machine-downloader
  revision: e6707a9d8bcd42cf921da4aaf5afe77a13fca7cb
  branch: master
  specs:
    wayback_machine_downloader (2.2.1)

GEM
  specs:

GEM
  remote: https://rubygems.org/
  specs:
    ast (2.4.2)
    diffy (3.4.0)
    mini_portile2 (2.5.1)
    nokogiri (1.11.5)
      mini_portile2 (~> 2.5.0)
      racc (~> 1.4)
    parallel (1.20.1)
    parser (3.0.1.1)
      ast (~> 2.4.1)
    racc (1.5.2)
    rainbow (3.0.0)
    regexp_parser (2.1.1)
    resolv (0.2.0)
    resolv-replace (0.1.0)
      resolv
    rexml (3.2.5)
    rubocop (1.15.0)
      parallel (~> 1.10)
      parser (>= 3.0.0.0)
      rainbow (>= 2.2.2, < 4.0)
      regexp_parser (>= 1.8, < 3.0)
      rexml
      rubocop-ast (>= 1.5.0, < 2.0)
      ruby-progressbar (~> 1.7)
      unicode-display_width (>= 1.4.0, < 3.0)
    rubocop-ast (1.5.0)
      parser (>= 3.0.1.1)
    ruby-progressbar (1.11.0)
    unicode-display_width (2.0.0)
    words_counted (1.0.2)

PLATFORMS
  ruby

DEPENDENCIES
  diffy!
  nokogiri!
  parallel!
  resolv-replace!
  rubocop!
  ruby-progressbar!
  wayback_machine_downloader!
  words_counted!

BUNDLED WITH
   2.2.15
