GIT
  remote: https://github.com/hartator/wayback-machine-downloader
  revision: e6707a9d8bcd42cf921da4aaf5afe77a13fca7cb
  branch: master
  specs:
    wayback_machine_downloader (2.2.1)

GEM
  remote: https://rubygems.org/
  specs:
    diffy (3.4.0)
    mini_portile2 (2.4.0)
    nokogiri (1.10.10)
      mini_portile2 (~> 2.4.0)
    parallel (1.20.1)
    ruby-progressbar (1.10.1)

PLATFORMS
  ruby

DEPENDENCIES
  diffy!
  nokogiri!
  parallel!
  ruby-progressbar!
  wayback_machine_downloader!

BUNDLED WITH
   2.1.4
