GIT
  remote: https://github.com/jonchang/wayback-machine-downloader.git
  revision: d5bec7eab57a59ccee7a0577ecea87302e49a83d
  branch: master
  specs:
    wayback_machine_downloader (2.3.1)
      resolv-replace (~> 0.1)

GEM
  specs:

GEM
  remote: https://rubygems.org/
  specs:
    ast (2.4.2)
    diffy (3.4.2)
    json (2.6.3)
    mini_portile2 (2.8.1)
    nokogiri (1.14.1)
      mini_portile2 (~> 2.8.0)
      racc (~> 1.4)
    parallel (1.22.1)
    parser (3.2.0.0)
      ast (~> 2.4.1)
    racc (1.6.2)
    rainbow (3.1.1)
    regexp_parser (2.6.2)
    resolv (0.2.2)
    resolv-replace (0.1.1)
      resolv
    rexml (3.2.5)
    rubocop (1.44.1)
      json (~> 2.3)
      parallel (~> 1.10)
      parser (>= 3.2.0.0)
      rainbow (>= 2.2.2, < 4.0)
      regexp_parser (>= 1.8, < 3.0)
      rexml (>= 3.2.5, < 4.0)
      rubocop-ast (>= 1.24.1, < 2.0)
      ruby-progressbar (~> 1.7)
      unicode-display_width (>= 2.4.0, < 3.0)
    rubocop-ast (1.24.1)
      parser (>= 3.1.1.0)
    ruby-progressbar (1.12.0)
    unicode-display_width (2.4.2)
    words_counted (1.0.3)

PLATFORMS
  ruby

DEPENDENCIES
  diffy!
  nokogiri!
  parallel!
  resolv-replace!
  rubocop!
  ruby-progressbar!
  wayback_machine_downloader!
  words_counted!

BUNDLED WITH
   2.2.15
